GIT
  remote: https://github.com/PeterWuMC/har.git
  revision: 83ccefb7f0b98f6c721b91c75a86a29ed6e1d68f
  specs:
    har (0.0.10)
      jschematic (>= 0.1.0)
      json
      launchy (>= 0.3.7)

PATH
  remote: .
  specs:
    speedos (0.0.11)
      browsermob-proxy (= 0.1.3)
      capybara (= 2.1.0)
      faker (= 1.1.2)
      logger (= 1.2.8)
      mongoid (= 3.1.4)
      rake (= 10.1.0)

GEM
  remote: https://rubygems.org/
  specs:
    activemodel (3.2.14)
      activesupport (= 3.2.14)
      builder (~> 3.0.0)
    activesupport (3.2.14)
      i18n (~> 0.6, >= 0.6.4)
      multi_json (~> 1.0)
    addressable (2.3.5)
    browsermob-proxy (0.1.3)
      childprocess
      har
      multi_json (~> 1.0)
      rest-client
    builder (3.0.4)
    capybara (2.1.0)
      mime-types (>= 1.16)
      nokogiri (>= 1.3.3)
      rack (>= 1.0.0)
      rack-test (>= 0.5.4)
      xpath (~> 2.0)
    childprocess (0.3.9)
      ffi (~> 1.0, >= 1.0.11)
    database_cleaner (1.0.1)
    diff-lcs (1.2.4)
    faker (1.1.2)
      i18n (~> 0.5)
    ffi (1.9.0)
    i18n (0.6.5)
    jschematic (0.1.0)
      addressable
    json (1.8.0)
    launchy (2.3.0)
      addressable (~> 2.3)
    logger (1.2.8)
    mime-types (1.25)
    mini_portile (0.5.1)
    mongoid (3.1.4)
      activemodel (~> 3.2)
      moped (~> 1.4)
      origin (~> 1.0)
      tzinfo (~> 0.3.22)
    moped (1.5.1)
    multi_json (1.8.0)
    nokogiri (1.6.0)
      mini_portile (~> 0.5.0)
    origin (1.1.0)
    rack (1.5.2)
    rack-test (0.6.2)
      rack (>= 1.0)
    rake (10.1.0)
    rest-client (1.6.7)
      mime-types (>= 1.16)
    rspec (2.14.1)
      rspec-core (~> 2.14.0)
      rspec-expectations (~> 2.14.0)
      rspec-mocks (~> 2.14.0)
    rspec-core (2.14.3)
    rspec-expectations (2.14.0)
      diff-lcs (>= 1.1.3, < 2.0)
    rspec-mocks (2.14.1)
    rubyzip (0.9.9)
    selenium-webdriver (2.35.1)
      childprocess (>= 0.2.5)
      multi_json (~> 1.0)
      rubyzip (< 1.0.0)
      websocket (~> 1.0.4)
    tzinfo (0.3.37)
    websocket (1.0.7)
    xpath (2.0.0)
      nokogiri (~> 1.3)

PLATFORMS
  ruby

DEPENDENCIES
  database_cleaner
  har!
  rspec
  selenium-webdriver (= 2.35.1)
  speedos!
